GEM
  remote: https://rubygems.org/
  specs:
    albacore (1.0.0)
      nokogiri (~> 1.5)
      rake (~> 10.0)
      rubyzip (~> 1.0)
    mini_portile (0.6.1)
    nokogiri (1.6.4.1)
      mini_portile (~> 0.6.0)
    nokogiri (1.6.4.1-x86-mingw32)
      mini_portile (~> 0.6.0)
    rake (10.1.1)
    rubyzip (1.1.6)
    semver2 (3.3.3)

PLATFORMS
  ruby
  x86-mingw32

DEPENDENCIES
  albacore (~> 1.0.0)
  rake
  semver2
